GEM
  remote: https://rubygems.org/
  specs:
    activesupport (3.2.13)
      i18n (= 0.6.1)
      multi_json (~> 1.0)
    cheapredwine (0.2.0)
      tipo
    coderay (1.0.9)
    daemons (1.1.9)
    eventmachine (1.0.1)
    foreman (0.62.0)
      thor (>= 0.13.6)
    i18n (0.6.1)
    json (1.7.7)
    method_source (0.8.1)
    multi_json (1.7.2)
    pry (0.9.12)
      coderay (~> 1.0.5)
      method_source (~> 0.8)
      slop (~> 3.4)
    rack (1.5.2)
    rack-protection (1.5.0)
      rack
    rake (10.0.4)
    sinatra (1.4.2)
      rack (~> 1.5, >= 1.5.2)
      rack-protection (~> 1.4)
      tilt (~> 1.3, >= 1.3.4)
    slop (3.4.4)
    thin (1.5.0)
      daemons (>= 1.0.9)
      eventmachine (>= 0.12.6)
      rack (>= 1.0.0)
    thor (0.18.1)
    tilt (1.3.7)
    tipo (0.0.2)
      activesupport

PLATFORMS
  ruby

DEPENDENCIES
  cheapredwine
  foreman
  json
  pry
  rake
  sinatra
  thin
  tipo
